GEM
  remote: https://rubygems.org/
  specs:
    activesupport (4.2.10)
      i18n (~> 0.7)
      minitest (~> 5.1)
      thread_safe (~> 0.3, >= 0.3.4)
      tzinfo (~> 1.1)
    adafruit-io (2.0.0.beta.6)
      activesupport (~> 4.2)
      faraday (~> 0.8)
      faraday_middleware (~> 0.9)
      mqtt (~> 0.4)
    concurrent-ruby (1.0.5)
    daemons (1.2.4)
    dalli (2.7.6)
    eventmachine (1.0.7)
    faraday (0.13.1)
      multipart-post (>= 1.2, < 3)
    faraday_middleware (0.12.2)
      faraday (>= 0.7.4, < 1.0)
    haikunator (1.1.0)
    i18n (0.9.1)
      concurrent-ruby (~> 1.0)
    memcachier (0.0.2)
    minitest (5.10.3)
    mqtt (0.5.0)
    multipart-post (2.0.0)
    rack (1.6.5)
    rack-protection (1.5.3)
      rack
    sinatra (1.4.6)
      rack (~> 1.4)
      rack-protection (~> 1.4)
      tilt (>= 1.3, < 3)
    thin (1.6.3)
      daemons (~> 1.0, >= 1.0.9)
      eventmachine (~> 1.0)
      rack (~> 1.0)
    thread_safe (0.3.6)
    tilt (2.0.7)
    tzinfo (1.2.4)
      thread_safe (~> 0.1)

PLATFORMS
  ruby

DEPENDENCIES
  adafruit-io (~> 2.0.0.beta)
  dalli
  haikunator
  memcachier
  sinatra
  thin

BUNDLED WITH
   1.15.0
